PATH
  remote: /home/blambeau/work/devel/grit
  specs:
    grit (2.4.1)
      diff-lcs (~> 1.1)
      mime-types (~> 1.15)
      posix-spawn (~> 0.3.6)

GEM
  remote: http://rubygems.org/
  specs:
    diff-lcs (1.1.3)
    mime-types (1.16)
    posix-spawn (0.3.6)
    rake (0.9.2)
    rspec (2.6.0)
      rspec-core (~> 2.6.0)
      rspec-expectations (~> 2.6.0)
      rspec-mocks (~> 2.6.0)
    rspec-core (2.6.4)
    rspec-expectations (2.6.0)
      diff-lcs (~> 1.1.2)
    rspec-mocks (2.6.0)
    wlang (0.10.2)

PLATFORMS
  ruby

DEPENDENCIES
  grit!
  rake (~> 0.9.2)
  rspec (~> 2.6.0)
  wlang (~> 0.10.2)
