GIT
  remote: https://github.com/blambeau/grit.git
  revision: 099fed8c32ffe910836abbabc9a6997de55e5783
  specs:
    grit (2.4.1)
      diff-lcs (~> 1.1)
      mime-types (~> 1.15)
      posix-spawn (~> 0.3.6)

GEM
  remote: http://rubygems.org/
  specs:
    diff-lcs (1.1.3)
    epath (0.0.1)
    http (0.0.1)
    mime-types (1.17.2)
    posix-spawn (0.3.6)
    rack (1.3.5)
    rack-protection (1.1.4)
      rack
    rack-test (0.6.1)
      rack (>= 1.0)
    rake (0.9.2.2)
    rspec (2.6.0)
      rspec-core (~> 2.6.0)
      rspec-expectations (~> 2.6.0)
      rspec-mocks (~> 2.6.0)
    rspec-core (2.6.4)
    rspec-expectations (2.6.0)
      diff-lcs (~> 1.1.2)
    rspec-mocks (2.6.0)
    sinatra (1.3.1)
      rack (~> 1.3, >= 1.3.4)
      rack-protection (~> 1.1, >= 1.1.2)
      tilt (~> 1.3, >= 1.3.3)
    tilt (1.3.3)
    wlang (0.10.2)

PLATFORMS
  ruby

DEPENDENCIES
  epath (~> 0.0.1)
  grit!
  http (= 0.0.1)
  rack-test (~> 0.6.1)
  rake (~> 0.9.2)
  rspec (~> 2.6.0)
  sinatra (>= 1.3.0)
  wlang (~> 0.10.2)
